GEM
  remote: https://rubygems.org/
  specs:
    albacore (0.3.5)
      rubyzip
    rake (10.1.0)
    rakedotnet (1.1.54)
      windows-pr
    rubyzip (0.9.9)
    win32-api (1.5.0-x86-mingw32)
    windows-api (0.4.2)
      win32-api (>= 1.4.5)
    windows-pr (1.2.2)
      win32-api (>= 1.4.5)
      windows-api (>= 0.3.0)

PLATFORMS
  x86-mingw32

DEPENDENCIES
  albacore
  rake
  rakedotnet (= 1.1.54)
  rubyzip (= 0.9.9)
